GEM
  remote: https://rubygems.org/
  specs:
    airbrussh (1.1.2)
      sshkit (>= 1.6.1, != 1.7.0)
    capistrano (3.7.1)
      airbrussh (>= 1.0.0)
      capistrano-harrow
      i18n
      rake (>= 10.0.0)
      sshkit (>= 1.9.0)
    capistrano-bower (1.1.0)
      capistrano (~> 3.0)
    capistrano-bundler (1.2.0)
      capistrano (~> 3.1)
      sshkit (~> 1.2)
    capistrano-grunt (0.0.4)
      capistrano (>= 3.0.0.pre)
    capistrano-harrow (0.5.3)
    capistrano-npm (1.0.2)
      capistrano (>= 3.0.0)
    capistrano-passenger (0.2.0)
      capistrano (~> 3.0)
    capistrano-rbenv (2.1.0)
      capistrano (~> 3.1)
      sshkit (~> 1.3)
    i18n (0.7.0)
    net-scp (1.2.1)
      net-ssh (>= 2.6.5)
    net-ssh (4.0.1)
    rake (12.0.0)
    sass (3.4.23)
    sshkit (1.11.5)
      net-scp (>= 1.1.2)
      net-ssh (>= 2.8.0)

PLATFORMS
  ruby
  x64-mingw32

DEPENDENCIES
  capistrano (~> 3.7, >= 3.7.1)
  capistrano-bower (~> 1.1)
  capistrano-bundler (~> 1.2)
  capistrano-grunt (~> 0.0.4)
  capistrano-npm (~> 1.0, >= 1.0.2)
  capistrano-passenger (~> 0.2.0)
  capistrano-rbenv (~> 2.1)
  net-ssh (~> 4.0, >= 4.0.1)
  sass (~> 3.4, >= 3.4.23)

BUNDLED WITH
   1.13.7
