GEM
  remote: https://rubygems.org/
  specs:
    capistrano (3.4.1)
      i18n
      rake (>= 10.0.0)
      sshkit (~> 1.3)
    capistrano-bower (1.1.0)
      capistrano (~> 3.0)
    capistrano-bundler (1.1.4)
      capistrano (~> 3.1)
      sshkit (~> 1.2)
    capistrano-grunt (0.0.4)
      capistrano (>= 3.0.0.pre)
    capistrano-npm (1.0.2)
      capistrano (>= 3.0.0)
    capistrano-passenger (0.2.0)
      capistrano (~> 3.0)
    capistrano-rbenv (2.0.4)
      capistrano (~> 3.1)
      sshkit (~> 1.3)
    i18n (0.7.0)
    net-scp (1.2.1)
      net-ssh (>= 2.6.5)
    net-ssh (3.1.1)
    rack (1.6.4)
    rack-protection (1.5.3)
      rack
    rake (11.1.2)
    sass (3.4.22)
    sinatra (1.4.7)
      rack (~> 1.5)
      rack-protection (~> 1.4)
      tilt (>= 1.3, < 3)
    sshkit (1.9.0)
      net-scp (>= 1.1.2)
      net-ssh (>= 2.8.0)
    tilt (2.0.2)

PLATFORMS
  ruby
  x64-mingw32

DEPENDENCIES
  capistrano (~> 3.4, >= 3.4.1)
  capistrano-bower (~> 1.1.0)
  capistrano-bundler (~> 1.1, >= 1.1.4)
  capistrano-grunt (~> 0.0.4)
  capistrano-npm (~> 1.0, >= 1.0.2)
  capistrano-passenger (~> 0.2.0)
  capistrano-rbenv (~> 2.0, >= 2.0.4)
  net-ssh (~> 3.1, >= 3.1.1)
  sass (~> 3.4, >= 3.4.22)
  sinatra (~> 1.4, >= 1.4.7)

BUNDLED WITH
   1.12.5
